GEM
  remote: http://gems.ruby-china.com/
  specs:
    addressable (2.3.8)
    guillotine (1.4.2)
      addressable (~> 2.3.0)
      sinatra (~> 1.4.0)
    kgio (2.11.2)
    mysql2 (0.5.2)
    rack (1.6.12)
    rack-protection (1.5.5)
      rack
    raindrops (0.19.0)
    rake (12.3.3)
    sequel (5.20.0)
    settingslogic (2.0.9)
    sinatra (1.4.8)
      rack (~> 1.5)
      rack-protection (~> 1.4)
      tilt (>= 1.3, < 3)
    tilt (2.0.9)
    unicorn (5.5.1)
      kgio (~> 2.6)
      raindrops (~> 0.7)

PLATFORMS
  ruby

DEPENDENCIES
  guillotine
  mysql2
  rake
  sequel
  settingslogic
  unicorn
